GEM
  remote: https://rubygems.org/
  specs:
    aws-sdk (2.2.30)
      aws-sdk-resources (= 2.2.30)
    aws-sdk-core (2.2.30)
      jmespath (~> 1.0)
    aws-sdk-resources (2.2.30)
      aws-sdk-core (= 2.2.30)
    dotenv (2.1.0)
    jmespath (1.1.3)
    parallel (1.7.0)

PLATFORMS
  ruby

DEPENDENCIES
  aws-sdk (= 2.2.30)
  dotenv (= 2.1.0)
  parallel (= 1.7.0)
